GEM
  remote: http://rubygems.org/
  specs:
    archive-tar-minitar (0.5.2)
    aruba (0.4.11)
      childprocess (>= 0.2.3)
      cucumber (>= 1.1.1)
      ffi (>= 1.0.11)
      rspec (>= 2.7.0)
    builder (3.0.0)
    bunny (0.7.9)
    capistrano (2.11.2)
      highline
      net-scp (>= 1.0.0)
      net-sftp (>= 2.0.0)
      net-ssh (>= 2.0.14)
      net-ssh-gateway (>= 1.1.0)
    capistrano-ash (1.1.16)
    capistrano-drush-make (0.1.1)
      capistrano (>= 2.0)
      capistrano-ash (>= 1.1.16)
      capistrano-ext (>= 1.2.1)
      railsless-deploy (>= 1.0.2)
    capistrano-ext (1.2.1)
      capistrano (>= 1.0.0)
    chef (0.10.8)
      bunny (>= 0.6.0)
      erubis
      highline
      json (>= 1.4.4, <= 1.6.1)
      mixlib-authentication (>= 1.1.0)
      mixlib-cli (>= 1.1.0)
      mixlib-config (>= 1.1.2)
      mixlib-log (>= 1.3.0)
      moneta
      net-ssh (~> 2.1.3)
      net-ssh-multi (~> 1.1.0)
      ohai (>= 0.6.0)
      rest-client (>= 1.0.4, < 1.7.0)
      treetop (~> 1.4.9)
      uuidtools
    childprocess (0.3.1)
      ffi (~> 1.0.6)
    coderay (1.0.5)
    cucumber (1.1.9)
      builder (>= 2.1.2)
      diff-lcs (>= 1.1.2)
      gherkin (~> 2.9.0)
      json (>= 1.4.6)
      term-ansicolor (>= 1.0.6)
    cuken (0.1.22)
      chef (~> 0.10.0)
      childprocess (>= 0.1.7)
      cucumber (> 1.0.0)
      grit (~> 2.4.1)
      open4
      rspec
      rvm (~> 1.8.0)
      vagrant (~> 0.8.7)
    diff-lcs (1.1.3)
    erubis (2.7.0)
    ffi (1.0.11)
    gherkin (2.9.3)
      json (>= 1.4.6)
    github-markup (0.7.1)
    grit (2.4.1)
      diff-lcs (~> 1.1)
      mime-types (~> 1.15)
    highline (1.6.11)
    i18n (0.6.0)
    inifile (1.1.0)
    ipaddress (0.8.0)
    json (1.5.4)
    librarian (0.0.12)
      chef (>= 0.10)
      highline
      thor
    mime-types (1.18)
    mixlib-authentication (1.1.4)
      mixlib-log
    mixlib-cli (1.2.2)
    mixlib-config (1.1.2)
    mixlib-log (1.3.0)
    moneta (0.6.0)
    multi_json (1.2.0)
    net-scp (1.0.4)
      net-ssh (>= 1.99.1)
    net-sftp (2.0.5)
      net-ssh (>= 2.0.9)
    net-ssh (2.1.4)
    net-ssh-gateway (1.1.0)
      net-ssh (>= 1.99.1)
    net-ssh-multi (1.1)
      net-ssh (>= 2.1.4)
      net-ssh-gateway (>= 0.99.0)
    ohai (0.6.12)
      ipaddress
      mixlib-cli
      mixlib-config
      mixlib-log
      systemu
      yajl-ruby
    open4 (1.3.0)
    polyglot (0.3.3)
    railsless-deploy (1.0.2)
    rest-client (1.6.7)
      mime-types (>= 1.16)
    rspec (2.9.0)
      rspec-core (~> 2.9.0)
      rspec-expectations (~> 2.9.0)
      rspec-mocks (~> 2.9.0)
    rspec-core (2.9.0)
    rspec-expectations (2.9.0)
      diff-lcs (~> 1.1.3)
    rspec-mocks (2.9.0)
    rubyzip (0.9.6.1)
    rvm (1.8.6)
    selenium-webdriver (2.20.0)
      childprocess (>= 0.2.5)
      ffi (~> 1.0)
      multi_json (~> 1.0)
      rubyzip
    systemu (2.5.0)
    term-ansicolor (1.0.7)
    thor (0.14.6)
    tilt (1.3.3)
    treetop (1.4.10)
      polyglot
      polyglot (>= 0.3.1)
    uuidtools (2.1.2)
    vagrant (0.8.10)
      archive-tar-minitar (= 0.5.2)
      erubis (~> 2.7.0)
      i18n (~> 0.6.0)
      json (~> 1.5.1)
      net-scp (~> 1.0.4)
      net-ssh (~> 2.1.4)
      thor (~> 0.14.6)
      virtualbox (~> 0.9.1)
    vagrant-kick (0.0.1)
    virtualbox (0.9.2)
      ffi (~> 1.0.9)
    watir-webdriver (0.5.4)
      selenium-webdriver (>= 2.18.0)
    yajl-ruby (1.1.0)

PLATFORMS
  ruby

DEPENDENCIES
  aruba
  capistrano
  capistrano-drush-make
  chef
  coderay
  cuken
  github-markup
  inifile
  librarian (= 0.0.12)
  railsless-deploy
  tilt
  vagrant (= 0.8.10)
  vagrant-kick
  watir-webdriver
